GEM
  remote: https://rubygems.org/
  specs:
    addressable (2.8.6)
      public_suffix (>= 2.0.2, < 6.0)
    ast (2.4.2)
    bigdecimal (3.1.6)
    diff-lcs (1.5.1)
    faraday (2.9.0)
      faraday-net_http (>= 2.0, < 3.2)
    faraday-net_http (3.1.0)
      net-http
    json (2.7.1)
    language_server-protocol (3.17.0.3)
    minitest (5.22.2)
    net-http (0.4.1)
      uri
    netrc (0.11.0)
    nokogiri (1.16.2-x86_64-darwin)
      racc (~> 1.4)
    octokit (6.1.1)
      faraday (>= 1, < 3)
      sawyer (~> 0.9)
    parallel (1.24.0)
    parser (3.3.0.5)
      ast (~> 2.4.1)
      racc
    pastel (0.8.0)
      tty-color (~> 0.5)
    public_suffix (5.0.4)
    racc (1.7.3)
    rainbow (3.1.1)
    rake (13.1.0)
    regexp_parser (2.9.0)
    rexml (3.2.6)
    rspec (3.13.0)
      rspec-core (~> 3.13.0)
      rspec-expectations (~> 3.13.0)
      rspec-mocks (~> 3.13.0)
    rspec-core (3.13.0)
      rspec-support (~> 3.13.0)
    rspec-expectations (3.13.0)
      diff-lcs (>= 1.2.0, < 2.0)
      rspec-support (~> 3.13.0)
    rspec-mocks (3.13.0)
      diff-lcs (>= 1.2.0, < 2.0)
      rspec-support (~> 3.13.0)
    rspec-support (3.13.0)
    rubocop (1.60.2)
      json (~> 2.3)
      language_server-protocol (>= 3.17.0)
      parallel (~> 1.10)
      parser (>= 3.3.0.2)
      rainbow (>= 2.2.2, < 4.0)
      regexp_parser (>= 1.8, < 3.0)
      rexml (>= 3.2.5, < 4.0)
      rubocop-ast (>= 1.30.0, < 2.0)
      ruby-progressbar (~> 1.7)
      unicode-display_width (>= 2.4.0, < 3.0)
    rubocop-ast (1.30.0)
      parser (>= 3.2.1.0)
    rubocop-capybara (2.20.0)
      rubocop (~> 1.41)
    rubocop-factory_bot (2.25.1)
      rubocop (~> 1.41)
    rubocop-performance (1.20.2)
      rubocop (>= 1.48.1, < 2.0)
      rubocop-ast (>= 1.30.0, < 2.0)
    rubocop-rspec (2.26.1)
      rubocop (~> 1.40)
      rubocop-capybara (~> 2.17)
      rubocop-factory_bot (~> 2.22)
    ruby-graphviz (1.2.5)
      rexml
    ruby-progressbar (1.13.0)
    sawyer (0.9.2)
      addressable (>= 2.3.5)
      faraday (>= 0.17.3, < 3)
    sequel (5.77.0)
      bigdecimal
    sqlite3 (1.7.2-x86_64-darwin)
    tty-color (0.6.0)
    tty-cursor (0.7.1)
    tty-prompt (0.23.1)
      pastel (~> 0.8)
      tty-reader (~> 0.8)
    tty-reader (0.9.0)
      tty-cursor (~> 0.7)
      tty-screen (~> 0.8)
      wisper (~> 2.0)
    tty-screen (0.8.2)
    unicode-display_width (2.5.0)
    uri (0.13.0)
    wisper (2.0.1)

PLATFORMS
  x86_64-darwin-21
  x86_64-darwin-22
  x86_64-darwin-23

DEPENDENCIES
  bigdecimal (~> 3.1)
  faraday (~> 2.7)
  minitest (~> 5.18)
  netrc (~> 0.11.0)
  nokogiri (~> 1.14)
  octokit (~> 6.0)
  parallel (~> 1.22)
  rake (~> 13.0)
  rspec (~> 3.0)
  rubocop-performance (~> 1.15)
  rubocop-rspec (~> 2.22)
  ruby-graphviz (~> 1.2)
  sequel (~> 5.63)
  sqlite3 (~> 1.6)
  tty-prompt (~> 0.23.1)

BUNDLED WITH
   2.5.6
